GEM
  remote: https://rubygems.org/
  specs:
    builder (3.2.2)
    daemons (1.1.9)
    dalli (2.6.4)
    eventmachine (1.0.3)
    json (1.8.0)
    jwt (0.1.8)
      multi_json (>= 1.5)
    memcachier (0.0.2)
    mime-types (1.25)
    multi_json (1.8.2)
    rack (1.5.2)
    rack-cache (1.2)
      rack (>= 0.4)
    rack-protection (1.5.0)
      rack
    redcarpet (3.0.0)
    rest-client (1.6.7)
      mime-types (>= 1.16)
    rest-client-components (1.2.0)
      rack (>= 1.0.1)
      rest-client (>= 1.6.0, < 1.7.0)
    sinatra (1.4.3)
      rack (~> 1.4)
      rack-protection (~> 1.4)
      tilt (~> 1.3, >= 1.3.4)
    thin (1.6.0)
      daemons (>= 1.0.9)
      eventmachine (>= 1.0.0)
      rack (>= 1.5.0)
    tilt (1.4.1)
    twilio-ruby (3.11.3)
      builder (>= 2.1.2)
      jwt (>= 0.1.2)
      multi_json (>= 1.3.0)

PLATFORMS
  ruby

DEPENDENCIES
  dalli
  json
  memcachier
  rack-cache
  redcarpet
  rest-client
  rest-client-components
  sinatra
  thin
  twilio-ruby
